PATH
  remote: .
  specs:
    jsduck (6.0.0.beta)
      dimensions (~> 1.2.0)
      json (~> 1.8.0)
      parallel (~> 0.7.1)
      rdiscount (~> 2.1.6)
      rkelly-remix (~> 0.0.4)
      sass (~> 3.2.0)

GEM
  remote: https://rubygems.org/
  specs:
    chunky_png (1.3.1)
    compass (0.12.6)
      chunky_png (~> 1.2)
      fssm (>= 0.2.7)
      sass (~> 3.2.19)
    diff-lcs (1.2.5)
    dimensions (1.2.0)
    fssm (0.2.10)
    json (1.8.1)
    parallel (0.7.1)
    rake (10.3.2)
    rdiscount (2.1.7.1)
    rkelly-remix (0.0.6)
    rspec (3.0.0)
      rspec-core (~> 3.0.0)
      rspec-expectations (~> 3.0.0)
      rspec-mocks (~> 3.0.0)
    rspec-core (3.0.2)
      rspec-support (~> 3.0.0)
    rspec-expectations (3.0.2)
      diff-lcs (>= 1.2.0, < 2.0)
      rspec-support (~> 3.0.0)
    rspec-mocks (3.0.2)
      rspec-support (~> 3.0.0)
    rspec-support (3.0.2)
    sass (3.2.19)

PLATFORMS
  ruby

DEPENDENCIES
  compass
  jsduck!
  rake
  rspec
